GIT
  remote: git+ssh://git@github.com/sanger/alter_table.git
  revision: 5a4782a9edac1edde739855afbacc98d5f77618d
  specs:
    alter_table (0.0.1)
      rails (~> 2.3.11)

GEM
  remote: http://rubygems.org/
  specs:
    actionmailer (2.3.11)
      actionpack (= 2.3.11)
    actionpack (2.3.11)
      activesupport (= 2.3.11)
      rack (~> 1.1.0)
    activerecord (2.3.11)
      activesupport (= 2.3.11)
    activeresource (2.3.11)
      activesupport (= 2.3.11)
    activesupport (2.3.11)
    addressable (2.2.7)
    amq-client (0.9.2)
      amq-protocol (>= 0.9.0)
      eventmachine
    amq-protocol (0.9.0)
    amqp (0.9.4)
      amq-client (~> 0.9.2)
      amq-protocol (>= 0.9.0)
      eventmachine
    ar-extensions (0.9.5)
      activerecord (~> 2.1)
    builder (3.0.0)
    cbrunnkvist-psd_logger (0.1.5)
    ci_reporter (1.7.0)
      builder (>= 2.1.2)
    columnize (0.3.6)
    configatron (2.9.0)
      yamler (>= 0.1.0)
    cucumber (1.1.8)
      builder (>= 2.1.2)
      diff-lcs (>= 1.1.2)
      gherkin (~> 2.8.0)
      json (>= 1.4.6)
      term-ansicolor (>= 1.0.6)
    cucumber-rails (0.3.2)
      cucumber (>= 0.8.0)
    daemons (1.0.10)
    database_cleaner (0.7.1)
    delayed_job (2.0.7)
      activesupport (~> 2.0)
      daemons (= 1.0.10)
    diff-lcs (1.1.3)
    eventmachine (0.12.10)
    factory_girl (1.3.3)
    flay (1.4.3)
      ruby_parser (~> 2.0)
      sexp_processor (~> 3.0)
    flog (2.5.3)
      ruby_parser (~> 2.0)
      sexp_processor (~> 3.0)
    gherkin (2.8.0)
      json (>= 1.4.6)
    json (1.6.5)
    launchy (2.0.5)
      addressable (~> 2.2.6)
    linecache (0.46)
      rbx-require-relative (> 0.0.4)
    metaclass (0.0.1)
    mocha (0.10.4)
      metaclass (~> 0.0.1)
    mysql (2.8.1)
    nokogiri (1.5.0)
    polyglot (0.3.3)
    rack (1.1.3)
    rack-test (0.6.1)
      rack (>= 1.0)
    rails (2.3.11)
      actionmailer (= 2.3.11)
      actionpack (= 2.3.11)
      activerecord (= 2.3.11)
      activeresource (= 2.3.11)
      activesupport (= 2.3.11)
      rake (>= 0.8.3)
    rake (0.9.2.2)
    rbx-require-relative (0.0.6)
    rcov (1.0.0)
    roodi (2.1.0)
      ruby_parser
    ruby-debug (0.10.4)
      columnize (>= 0.1)
      ruby-debug-base (~> 0.10.4.0)
    ruby-debug-base (0.10.4)
      linecache (>= 0.3)
    ruby_parser (2.3.1)
      sexp_processor (~> 3.0)
    sexp_processor (3.0.10)
    shoulda (2.10.3)
    term-ansicolor (1.0.7)
    test-unit (2.4.7)
    timecop (0.3.5)
    treetop (1.2.6)
      polyglot (>= 0.2.5)
    webrat (0.7.3)
      nokogiri (>= 1.2.0)
      rack (>= 1.0)
      rack-test (>= 0.5.3)
    webrat-rspec-rails (0.1.1)
    yamler (0.1.0)

PLATFORMS
  ruby

DEPENDENCIES
  alter_table!
  amqp (~> 0.9.2)
  ar-extensions
  cbrunnkvist-psd_logger
  ci_reporter
  configatron
  cucumber-rails (~> 0.3.2)
  database_cleaner
  delayed_job (~> 2.0.4)
  factory_girl (~> 1.3.1)
  flay
  flog
  launchy
  mocha
  mysql
  nokogiri
  rails (= 2.3.11)
  rcov
  roodi
  ruby-debug
  shoulda (~> 2.10.0)
  test-unit
  timecop
  treetop (~> 1.2.5)
  webrat
  webrat-rspec-rails
