GIT
  remote: git+ssh://git@github.com/sanger/alter_table.git
  revision: 5a4782a9edac1edde739855afbacc98d5f77618d
  specs:
    alter_table (0.0.1)
      rails (~> 2.3.11)

GEM
  remote: http://rubygems.org/
  specs:
    actionmailer (2.3.14)
      actionpack (= 2.3.14)
    actionpack (2.3.14)
      activesupport (= 2.3.14)
      rack (~> 1.1.0)
    activerecord (2.3.14)
      activesupport (= 2.3.14)
    activeresource (2.3.14)
      activesupport (= 2.3.14)
    activesupport (2.3.14)
    amq-client (0.9.2)
      amq-protocol (>= 0.9.0)
      eventmachine
    amq-protocol (0.9.0)
    amqp (0.9.4)
      amq-client (~> 0.9.2)
      amq-protocol (>= 0.9.0)
      eventmachine
    cbrunnkvist-psd_logger (0.1.5)
    configatron (2.9.0)
      yamler (>= 0.1.0)
    database_cleaner (0.7.1)
    diff-lcs (1.1.3)
    eventmachine (0.12.10)
    ffi (1.0.11)
    growl (1.0.3)
    guard (1.0.0)
      ffi (>= 0.5.0)
      thor (~> 0.14.6)
    guard-bundler (0.1.3)
      bundler (>= 1.0.0)
      guard (>= 0.2.2)
    guard-rspec (0.6.0)
      guard (>= 0.10.0)
    hashie (1.2.0)
    mysql (2.8.1)
    rack (1.1.3)
    rails (2.3.14)
      actionmailer (= 2.3.14)
      actionpack (= 2.3.14)
      activerecord (= 2.3.14)
      activeresource (= 2.3.14)
      activesupport (= 2.3.14)
      rake (>= 0.8.3)
    rails_sql_views (0.8.0)
      activerecord
    rake (0.9.2.2)
    rspec (2.8.0)
      rspec-core (~> 2.8.0)
      rspec-expectations (~> 2.8.0)
      rspec-mocks (~> 2.8.0)
    rspec-core (2.8.0)
    rspec-expectations (2.8.0)
      diff-lcs (~> 1.1.2)
    rspec-mocks (2.8.0)
    thor (0.14.6)
    yamler (0.1.0)

PLATFORMS
  ruby

DEPENDENCIES
  alter_table!
  amqp (~> 0.9.2)
  cbrunnkvist-psd_logger
  configatron
  database_cleaner
  growl
  guard
  guard-bundler
  guard-rspec
  hashie (~> 1.2.0)
  mysql
  rails (= 2.3.14)
  rails_sql_views
  rspec (~> 2.8.0)
